GEM
  remote: http://rubygems.org/
  specs:
    async (1.12.0)
      nio4r (~> 2.3)
      timers (~> 4.1)
    async-container (0.8.1)
      async (~> 1.0)
      async-io (~> 1.4)
    async-http (0.37.7)
      async (~> 1.6)
      async-io (~> 1.16)
      http-protocol (~> 0.10)
    async-io (1.17.2)
      async (~> 1.3)
    falcon (0.19.6)
      async-container (~> 0.8.0)
      async-http (~> 0.37.2)
      async-io (~> 1.9)
      http-protocol (~> 0.10.0)
      localhost (~> 1.1)
      rack (>= 1.0)
      samovar (~> 1.3)
    http-hpack (0.1.1)
    http-protocol (0.10.1)
      http-hpack (~> 0.1.0)
    localhost (1.1.4)
    mapping (1.1.1)
    nio4r (2.3.1)
    rack (2.0.6)
    rainbow (3.0.0)
    samovar (1.9.1)
      mapping (~> 1.0)
      rainbow (>= 2.0, < 4.0)
    timers (4.2.0)

PLATFORMS
  ruby

DEPENDENCIES
  falcon

BUNDLED WITH
   1.17.2
